NUGET
  remote: https://api.nuget.org/v3/index.json
    FSharp.Core (5.0)
